GEM
  remote: https://rubygems.org/
  specs:
    byebug (9.0.5)
    easy_translate (0.5.0)
      json
      thread
      thread_safe
    json (2.0.2)
    thread (0.2.2)
    thread_safe (0.3.5)

PLATFORMS
  ruby

DEPENDENCIES
  byebug
  easy_translate

BUNDLED WITH
   1.12.5
